GEM
  remote: http://rubygems.org/
  specs:
    gcm (0.0.2)
      httparty
      json
    httparty (0.10.2)
      multi_json (~> 1.0)
      multi_xml (>= 0.5.2)
    json (1.6.1)
    multi_json (1.0.3)
    multi_xml (0.5.3)
    rack (1.5.2)
    sinatra (1.1.0)
      rack (~> 1.1)
      tilt (~> 1.1)
    tilt (1.3.6)

PLATFORMS
  x86-mingw32

DEPENDENCIES
  gcm (~> 0.0.2)
  sinatra (= 1.1.0)
